GEM
  remote: https://rubygems.org/
  specs:
    dotenv (2.7.6)
    ffi (1.14.2)
    str_metrics (0.1.1)
      ffi

PLATFORMS
  ruby

DEPENDENCIES
  dotenv
  str_metrics

RUBY VERSION
   ruby 2.7.2p137

BUNDLED WITH
   2.1.4
